GEM
  remote: https://rubygems.org/
  specs:
    redcarpet (3.6.0)
    tilt (2.4.0)

PLATFORMS
  aarch64-linux
  arm64-darwin-22

DEPENDENCIES
  redcarpet (~> 3.6)
  tilt (~> 2.4)

BUNDLED WITH
   2.4.10
