GEM
  remote: https://rubygems.org/
  specs:
    tilt (2.4.0)

PLATFORMS
  aarch64-linux
  arm64-darwin-22

DEPENDENCIES
  tilt (~> 2.4)

BUNDLED WITH
   2.4.10
